PATH
  remote: .
  specs:
    rcee_isolated (0.6.0)

GEM
  remote: https://rubygems.org/
  specs:
    minitest (5.25.5)
    rake (13.3.0)
    rake-compiler (1.3.0)
      rake

PLATFORMS
  arm64-darwin-24
  ruby

DEPENDENCIES
  minitest (~> 5.0)
  rake (~> 13.0)
  rake-compiler
  rcee_isolated!

BUNDLED WITH
   2.6.8
