PATH
  remote: .
  specs:
    fuzzy_match (0.1.0)

GEM
  remote: https://rubygems.org/
  specs:
    minitest (5.25.5)
    rake (13.3.0)
    rake-compiler (1.3.0)
      rake

PLATFORMS
  arm64-darwin-24
  ruby

DEPENDENCIES
  fuzzy_match!
  minitest (~> 5.0)
  rake (~> 13.0)
  rake-compiler

BUNDLED WITH
   2.6.8
